PATH
  remote: .
  specs:
    gtt_5t_api_client (1.0.0)
      nokogiri (~> 1.6.8)

GEM
  remote: https://rubygems.org/
  specs:
    addressable (2.5.0)
      public_suffix (~> 2.0, >= 2.0.2)
    coderay (1.1.1)
    coolline (0.5.0)
      unicode_utils (~> 1.4)
    crack (0.4.3)
      safe_yaml (~> 1.0.0)
    diff-lcs (1.2.5)
    hashdiff (0.3.2)
    method_source (0.8.2)
    mini_portile2 (2.1.0)
    nokogiri (1.6.8.1)
      mini_portile2 (~> 2.1.0)
    pry (0.10.4)
      coderay (~> 1.1.0)
      method_source (~> 0.8.1)
      slop (~> 3.4)
    pry-coolline (0.2.5)
      coolline (~> 0.5)
    pry-nav (0.2.4)
      pry (>= 0.9.10, < 0.11.0)
    public_suffix (2.0.5)
    rake (10.5.0)
    rspec (3.5.0)
      rspec-core (~> 3.5.0)
      rspec-expectations (~> 3.5.0)
      rspec-mocks (~> 3.5.0)
    rspec-core (3.5.4)
      rspec-support (~> 3.5.0)
    rspec-expectations (3.5.0)
      diff-lcs (>= 1.2.0, < 2.0)
      rspec-support (~> 3.5.0)
    rspec-mocks (3.5.0)
      diff-lcs (>= 1.2.0, < 2.0)
      rspec-support (~> 3.5.0)
    rspec-support (3.5.0)
    safe_yaml (1.0.4)
    slop (3.6.0)
    unicode_utils (1.4.0)
    webmock (2.3.2)
      addressable (>= 2.3.6)
      crack (>= 0.3.2)
      hashdiff

PLATFORMS
  ruby

DEPENDENCIES
  bundler (~> 1.13)
  gtt_5t_api_client!
  pry
  pry-coolline
  pry-nav
  rake (~> 10.0)
  rspec (~> 3.0)
  webmock

BUNDLED WITH
   1.13.6
